GEM
  specs:
    CFPropertyList (2.2.8)
    deep_merge (1.1.1)
    diff-lcs (1.3)
    extlib (0.9.16)
    ffi (1.9.14)
    highline (1.7.8)
    json (1.8.3)
    listen (3.0.6)
      rb-fsevent (>= 0.9.3)
      rb-inotify (>= 0.9.7)
    macaddr (1.7.1)
      systemu (~> 2.6.2)
    mime-types (1.25.1)
    mini_portile2 (2.1.0)
    naturally (1.3.2)
    netrc (0.11.0)
    nokogiri (1.6.8)
      mini_portile2 (~> 2.1.0)
      pkg-config (~> 1.1.7)
    pkg-config (1.1.9)
    rake (12.0.0)
    rb-fsevent (0.10.2)
    rb-inotify (0.9.10)
      ffi (>= 0.5.0, < 2)
    rdoc (4.2.2)
      json (~> 1.4)
    rest-client (1.7.3)
      mime-types (>= 1.16, < 3.0)
      netrc (~> 0.7)
    rhodes (6.0.21)
      CFPropertyList (= 2.2.8)
      deep_merge (= 1.1.1)
      diff-lcs (~> 1.1, >= 1.1.2)
      ffi (= 1.9.14)
      json (= 1.8.3)
      listen (= 3.0.6)
      naturally (= 1.3.2)
      nokogiri (= 1.6.8)
      rake (= 12.0.0)
      rdoc (= 4.2.2)
      rest-client (= 1.7.3)
      rubyzip (= 1.2.1)
      simctl (= 1.5.6)
      systemu (= 2.6.4)
      templater (= 1.0.0)
      uuid (= 2.3.7)
    rubyzip (1.2.1)
    simctl (1.5.6)
      CFPropertyList
    systemu (2.6.4)
    templater (1.0.0)
      diff-lcs (>= 1.1.2)
      extlib (>= 0.9.5)
      highline (>= 1.4.0)
    uuid (2.3.7)
      macaddr (~> 1.0)

PLATFORMS
  ruby

DEPENDENCIES
  rhodes

BUNDLED WITH
   1.16.0
